GEM
  remote: https://rubygems.org/
  specs:
    rubyzip (0.9.9)

PLATFORMS
  java

DEPENDENCIES
  rubyzip (~> 0.9.9)
